GEM
  remote: http://rubygems.org/
  specs:
    diff-lcs (1.1.3)
    guard (1.3.2)
      listen (>= 0.4.2)
      thor (>= 0.14.6)
    guard-rspec (1.2.1)
      guard (>= 1.1)
    listen (0.5.0)
    rake (0.9.2.2)
    rb-fsevent (0.9.1)
    rspec (2.11.0)
      rspec-core (~> 2.11.0)
      rspec-expectations (~> 2.11.0)
      rspec-mocks (~> 2.11.0)
    rspec-core (2.11.1)
    rspec-expectations (2.11.3)
      diff-lcs (~> 1.1.3)
    rspec-mocks (2.11.2)
    thor (0.16.0)

PLATFORMS
  ruby

DEPENDENCIES
  guard
  guard-rspec
  rake
  rb-fsevent
  rspec
